GIT
  remote: https://github.com/codevise/state_machine.git
  revision: f49c0bc75d505c60516a7430acfae0fa514e01d9
  specs:
    state_machine (1.2.0)

GEM
  remote: https://rubygems.org/
  specs:
    actionmailer (4.2.7.1)
      actionpack (= 4.2.7.1)
      actionview (= 4.2.7.1)
      activejob (= 4.2.7.1)
      mail (~> 2.5, >= 2.5.4)
      rails-dom-testing (~> 1.0, >= 1.0.5)
    actionpack (4.2.7.1)
      actionview (= 4.2.7.1)
      activesupport (= 4.2.7.1)
      rack (~> 1.6)
      rack-test (~> 0.6.2)
      rails-dom-testing (~> 1.0, >= 1.0.5)
      rails-html-sanitizer (~> 1.0, >= 1.0.2)
    actionview (4.2.7.1)
      activesupport (= 4.2.7.1)
      builder (~> 3.1)
      erubis (~> 2.7.0)
      rails-dom-testing (~> 1.0, >= 1.0.5)
      rails-html-sanitizer (~> 1.0, >= 1.0.2)
    activeadmin (1.0.0.pre4)
      arbre (~> 1.0, >= 1.0.2)
      bourbon
      coffee-rails
      formtastic (~> 3.1)
      formtastic_i18n
      inherited_resources (~> 1.6)
      jquery-rails
      jquery-ui-rails
      kaminari (~> 0.15)
      rails (>= 3.2, < 5.1)
      ransack (~> 1.3)
      sass-rails
      sprockets (< 4)
    activejob (4.2.7.1)
      activesupport (= 4.2.7.1)
      globalid (>= 0.3.0)
    activemodel (4.2.7.1)
      activesupport (= 4.2.7.1)
      builder (~> 3.1)
    activerecord (4.2.7.1)
      activemodel (= 4.2.7.1)
      activesupport (= 4.2.7.1)
      arel (~> 6.0)
    activesupport (4.2.7.1)
      i18n (~> 0.7)
      json (~> 1.7, >= 1.7.7)
      minitest (~> 5.1)
      thread_safe (~> 0.3, >= 0.3.4)
      tzinfo (~> 1.1)
    airbrussh (1.1.2)
      sshkit (>= 1.6.1, != 1.7.0)
    ar_after_transaction (0.4.1)
      activerecord (> 3.2.0, < 5.0)
    arbre (1.1.1)
      activesupport (>= 3.0.0)
    arel (6.0.4)
    aws-sdk (1.66.0)
      aws-sdk-v1 (= 1.66.0)
    aws-sdk-v1 (1.66.0)
      json (~> 1.4)
      nokogiri (>= 1.4.4)
    babel-source (5.8.35)
    babel-transpiler (0.7.0)
      babel-source (>= 4.0, < 6)
      execjs (~> 2.0)
    backbone-rails (1.0.0.1)
      rails (>= 3.0.0)
    bcrypt (3.1.11)
    binding_of_caller (0.7.2)
      debug_inspector (>= 0.0.1)
    bourbon (3.1.8)
      sass (>= 3.2.0)
      thor
    builder (3.2.3)
    byebug (9.0.6)
    cancancan (1.16.0)
    capistrano (3.7.2)
      airbrussh (>= 1.0.0)
      capistrano-harrow
      i18n
      rake (>= 10.0.0)
      sshkit (>= 1.9.0)
    capistrano-bundler (1.2.0)
      capistrano (~> 3.1)
      sshkit (~> 1.2)
    capistrano-harrow (0.5.3)
    capistrano-rails (1.2.2)
      capistrano (~> 3.1)
      capistrano-bundler (~> 1.1)
    capistrano-rvm (0.1.2)
      capistrano (~> 3.0)
      sshkit (~> 1.2)
    capistrano3-puma (1.2.1)
      capistrano (~> 3.0)
      puma (>= 2.6)
    climate_control (0.1.0)
    cocaine (0.5.8)
      climate_control (>= 0.0.3, < 1.0)
    coffee-rails (4.1.1)
      coffee-script (>= 2.2.0)
      railties (>= 4.0.0, < 5.1.x)
    coffee-script (2.4.1)
      coffee-script-source
      execjs
    coffee-script-source (1.12.2)
    concurrent-ruby (1.0.5)
    connection_pool (2.2.1)
    debug_inspector (0.0.2)
    devise (3.5.10)
      bcrypt (~> 3.0)
      orm_adapter (~> 0.1)
      railties (>= 3.2.6, < 5)
      responders
      thread_safe (~> 0.1)
      warden (~> 1.2.3)
    devise-async (0.9.0)
      devise (~> 3.2)
    ejs (1.1.1)
    erubis (2.7.0)
    execjs (2.7.0)
    figaro (1.1.1)
      thor (~> 0.14)
    formtastic (3.1.5)
      actionpack (>= 3.2.13)
    formtastic_i18n (0.6.0)
    friendly_id (5.2.0)
      activerecord (>= 4.0.0)
    globalid (0.3.7)
      activesupport (>= 4.1.0)
    has_scope (0.7.0)
      actionpack (>= 4.1, < 5.1)
      activesupport (>= 4.1, < 5.1)
    htmlentities (4.3.4)
    http_accept_language (2.1.0)
    i18n (0.8.1)
    i18n-js (2.1.2)
      i18n
    inherited_resources (1.7.0)
      actionpack (>= 3.2, < 5.1)
      has_scope (~> 0.6)
      railties (>= 3.2, < 5.1)
      responders
    jbuilder (2.6.3)
      activesupport (>= 3.0.0, < 5.2)
      multi_json (~> 1.2)
    jquery-fileupload-rails (0.4.1)
      actionpack (>= 3.1)
      railties (>= 3.1)
    jquery-layout-rails (0.1.0)
      jquery-rails
    jquery-rails (3.1.4)
      railties (>= 3.0, < 5.0)
      thor (>= 0.14, < 2.0)
    jquery-ui-rails (5.0.5)
      railties (>= 3.2.16)
    json (1.8.6)
    kaminari (0.17.0)
      actionpack (>= 3.0.0)
      activesupport (>= 3.0.0)
    kramdown (1.13.2)
    loofah (2.0.3)
      nokogiri (>= 1.5.9)
    mail (2.6.4)
      mime-types (>= 1.16, < 4)
    marionette-rails (1.1.0)
      rails (>= 3.1.0)
    mime-types (3.1)
      mime-types-data (~> 3.2015)
    mime-types-data (3.2016.0521)
    mini_portile2 (2.1.0)
    minitest (5.10.1)
    mono_logger (1.1.0)
    multi_json (1.12.1)
    mysql2 (0.4.5)
    net-scp (1.2.1)
      net-ssh (>= 2.6.5)
    net-ssh (4.1.0)
    nokogiri (1.7.0.1)
      mini_portile2 (~> 2.1.0)
    orm_adapter (0.5.0)
    pageflow (0.11.3)
      activeadmin (= 1.0.0.pre4)
      ar_after_transaction (~> 0.4.0)
      aws-sdk (~> 1.60)
      backbone-rails (~> 1.0.0)
      bcrypt (~> 3.1.7)
      bourbon (~> 3.1.8)
      cancancan (~> 1.10)
      devise (~> 3.5)
      devise-async (~> 0.9.0)
      ejs (~> 1.1)
      friendly_id (~> 5.0)
      htmlentities (~> 4.3)
      http_accept_language (~> 2.0)
      i18n-js (~> 2.1)
      jbuilder (>= 1.5, < 3.0)
      jquery-fileupload-rails (= 0.4.1)
      jquery-layout-rails (~> 0.1.0)
      jquery-rails (~> 3.0)
      jquery-ui-rails (= 5.0.5)
      kramdown (~> 1.5)
      marionette-rails (~> 1.1.0)
      pageflow-public-i18n (~> 1.2)
      paperclip (~> 4.2.4)
      rails (~> 4.2.6)
      redis (~> 3.0)
      redis-namespace (~> 1.5)
      resque (~> 1.25)
      resque-logger (~> 0.2.0)
      resque-scheduler (~> 2.5)
      resque_mailer (~> 2.2)
      sass (~> 3.4)
      sass-rails (~> 5.0)
      state_machine (~> 1.2)
      state_machine_job (~> 0.2.0)
      videojs_rails (= 4.1.0)
      wysihtml5x-rails (= 0.4.17)
      yajl-ruby (~> 1.2)
      zencoder (~> 2.5)
    pageflow-before-after (0.5.0)
      i18n-js
      jquery-ui-rails (~> 5.0)
      pageflow (~> 0.11)
      pageflow-public-i18n (~> 1.0)
    pageflow-chart (0.2.0)
      i18n-js
      nokogiri
      pageflow (~> 0.10)
      pageflow-public-i18n (~> 1.0)
      paperclip (~> 4.2)
      state_machine
      state_machine_job
    pageflow-embedded-video (0.3.0)
      i18n-js
      pageflow (~> 0.11)
      pageflow-public-i18n (~> 1.0)
    pageflow-external-links (0.4.0)
      i18n-js
      pageflow (~> 0.10)
      pageflow-public-i18n (~> 1.0)
    pageflow-linkmap-page (0.1.0)
      i18n-js
      pageflow (~> 0.10)
      pageflow-external-links (~> 0.3)
    pageflow-new-pages-box (0.2.0)
      pageflow (~> 0.10)
      pageflow-public-i18n (~> 1.0)
    pageflow-outline-navigation-bar (0.1.0)
      pageflow (~> 0.11)
    pageflow-panorama (0.3.0)
      pageflow (~> 0.11)
      pageflow-public-i18n (~> 1.0)
      rubyzip (~> 1.1)
    pageflow-parent-page-box (0.1.0)
      pageflow (~> 0.10)
      pageflow-public-i18n (~> 1.1)
      pageflow-react
    pageflow-progress-navigation-bar (0.5.0)
      pageflow (~> 0.11)
      pageflow-public-i18n (~> 1.0)
    pageflow-public-i18n (1.5.0)
    pageflow-react (0.1.1)
      multi_json (~> 1.11)
      pageflow (~> 0.10)
      react-rails (~> 1.6.0)
    pageflow-text-page (0.3.0)
      i18n-js
      pageflow (~> 0.10)
      pageflow-public-i18n (~> 1.0)
    pageflow-timeline-page (0.1.0)
      i18n-js
      pageflow (~> 0.10)
    paperclip (4.2.4)
      activemodel (>= 3.2.0)
      activesupport (>= 3.2.0)
      cocaine (~> 0.5.5)
      mime-types
    polyamorous (1.3.1)
      activerecord (>= 3.0)
    puma (3.7.1)
    rack (1.6.5)
    rack-protection (1.5.3)
      rack
    rack-test (0.6.3)
      rack (>= 1.0)
    rails (4.2.7.1)
      actionmailer (= 4.2.7.1)
      actionpack (= 4.2.7.1)
      actionview (= 4.2.7.1)
      activejob (= 4.2.7.1)
      activemodel (= 4.2.7.1)
      activerecord (= 4.2.7.1)
      activesupport (= 4.2.7.1)
      bundler (>= 1.3.0, < 2.0)
      railties (= 4.2.7.1)
      sprockets-rails
    rails-deprecated_sanitizer (1.0.3)
      activesupport (>= 4.2.0.alpha)
    rails-dom-testing (1.0.8)
      activesupport (>= 4.2.0.beta, < 5.0)
      nokogiri (~> 1.6)
      rails-deprecated_sanitizer (>= 1.0.1)
    rails-html-sanitizer (1.0.3)
      loofah (~> 2.0)
    railties (4.2.7.1)
      actionpack (= 4.2.7.1)
      activesupport (= 4.2.7.1)
      rake (>= 0.8.7)
      thor (>= 0.18.1, < 2.0)
    rake (12.0.0)
    ransack (1.8.2)
      actionpack (>= 3.0)
      activerecord (>= 3.0)
      activesupport (>= 3.0)
      i18n
      polyamorous (~> 1.3)
    rdoc (4.3.0)
    react-rails (1.6.2)
      babel-transpiler (>= 0.7.0)
      coffee-script-source (~> 1.8)
      connection_pool
      execjs
      rails (>= 3.2)
      tilt
    redis (3.0.7)
    redis-namespace (1.5.3)
      redis (~> 3.0, >= 3.0.4)
    responders (2.3.0)
      railties (>= 4.2.0, < 5.1)
    resque (1.25.2)
      mono_logger (~> 1.0)
      multi_json (~> 1.0)
      redis-namespace (~> 1.3)
      sinatra (>= 0.9.2)
      vegas (~> 0.1.2)
    resque-logger (0.2.0)
      resque
    resque-scheduler (2.5.5)
      mono_logger (~> 1.0)
      redis (~> 3.0.4)
      resque (~> 1.25.1)
      rufus-scheduler (~> 2.0.24)
    resque_mailer (2.4.2)
      actionmailer (>= 3.0)
    rubyzip (1.2.1)
    rufus-scheduler (2.0.24)
      tzinfo (>= 0.3.22)
    sass (3.4.23)
    sass-rails (5.0.6)
      railties (>= 4.0.0, < 6)
      sass (~> 3.1)
      sprockets (>= 2.8, < 4.0)
      sprockets-rails (>= 2.0, < 4.0)
      tilt (>= 1.1, < 3)
    sdoc (0.4.2)
      json (~> 1.7, >= 1.7.7)
      rdoc (~> 4.0)
    sinatra (1.4.8)
      rack (~> 1.5)
      rack-protection (~> 1.4)
      tilt (>= 1.3, < 3)
    spring (2.0.1)
      activesupport (>= 4.2)
    sprockets (3.7.1)
      concurrent-ruby (~> 1.0)
      rack (> 1, < 3)
    sprockets-rails (3.2.0)
      actionpack (>= 4.0)
      activesupport (>= 4.0)
      sprockets (>= 3.0.0)
    sshkit (1.12.0)
      net-scp (>= 1.1.2)
      net-ssh (>= 2.8.0)
    state_machine_job (0.2.0)
      resque
      resque-logger
      state_machine
    thor (0.19.4)
    thread_safe (0.3.6)
    tilt (2.0.6)
    turbolinks (5.0.1)
      turbolinks-source (~> 5)
    turbolinks-source (5.0.0)
    tzinfo (1.2.2)
      thread_safe (~> 0.1)
    uglifier (3.1.1)
      execjs (>= 0.3.0, < 3)
    vegas (0.1.11)
      rack (>= 1.0.0)
    videojs_rails (4.1.0)
    warden (1.2.7)
      rack (>= 1.0)
    web-console (2.3.0)
      activemodel (>= 4.0)
      binding_of_caller (>= 0.7.2)
      railties (>= 4.0)
      sprockets-rails (>= 2.0, < 4.0)
    wysihtml5x-rails (0.4.17)
      railties (>= 3.1.0)
    yajl-ruby (1.3.0)
    zencoder (2.5.1)
      multi_json

PLATFORMS
  ruby

DEPENDENCIES
  byebug
  capistrano
  capistrano-bundler
  capistrano-rails
  capistrano-rvm
  capistrano3-puma
  coffee-rails (~> 4.1.0)
  figaro
  jbuilder (~> 2.0)
  jquery-rails
  mysql2 (>= 0.3.13, < 0.5)
  pageflow
  pageflow-before-after
  pageflow-chart
  pageflow-embedded-video
  pageflow-external-links
  pageflow-linkmap-page
  pageflow-new-pages-box
  pageflow-outline-navigation-bar
  pageflow-panorama
  pageflow-parent-page-box
  pageflow-progress-navigation-bar
  pageflow-text-page
  pageflow-timeline-page
  puma
  rails (= 4.2.7.1)
  sass-rails (~> 5.0)
  sdoc (~> 0.4.0)
  spring
  state_machine!
  turbolinks
  uglifier (>= 1.3.0)
  web-console (~> 2.0)

BUNDLED WITH
   1.13.6
